GIT
  remote: git://github.com/mbj/mutant.git
  revision: ef1132cce3e9bf8cdb996d34b40c93c60ae9f603
  specs:
    mutant (0.2.4)
      abstract_type (~> 0.0.2)
      adamantium (~> 0.0.3)
      backports (~> 2.6)
      descendants_tracker (~> 0.0.1)
      diff-lcs (~> 1.1.3)
      equalizer (~> 0.0.1)
      ice_nine (~> 0.5.0)
      to_source (~> 0.2.1)

GEM
  remote: http://rubygems.org/
  specs:
    abstract_type (0.0.2)
    adamantium (0.0.3)
      backports (~> 2.6.4)
      ice_nine (~> 0.5.0)
    backports (2.6.5)
    descendants_tracker (0.0.1)
    diff-lcs (1.1.3)
    equalizer (0.0.1)
      adamantium (~> 0.0.3)
      backports (~> 2.6.4)
    ice_nine (0.5.0)
    multi_json (1.4.0)
    mutant-melbourne (2.0.3)
    rspec (2.12.0)
      rspec-core (~> 2.12.0)
      rspec-expectations (~> 2.12.0)
      rspec-mocks (~> 2.12.0)
    rspec-core (2.12.1)
    rspec-expectations (2.12.0)
      diff-lcs (~> 1.1.3)
    rspec-mocks (2.12.0)
    simplecov (0.7.1)
      multi_json (~> 1.0)
      simplecov-html (~> 0.7.1)
    simplecov-html (0.7.1)
    to_source (0.2.1)
      adamantium (~> 0.0.3)
      mutant-melbourne (~> 2.0.3)

PLATFORMS
  ruby

DEPENDENCIES
  mutant!
  rspec
  simplecov
